GEM
  remote: https://rubygems.org/
  specs:
    byebug (10.0.0)

PLATFORMS
  ruby

DEPENDENCIES
  byebug

BUNDLED WITH
   1.14.6
