GEM
  remote: https://rubygems.org/
  specs:
    byebug (9.0.6)
    sqlite3 (1.3.13)

PLATFORMS
  ruby

DEPENDENCIES
  byebug
  sqlite3 (~> 1.3.11)

BUNDLED WITH
   1.13.6
